GEM
  remote: https://rubygems.org/
  specs:
    docile (1.3.2)
    mustermann (1.1.1)
      ruby2_keywords (~> 0.0.1)
    power_assert (1.2.0)
    rack (2.2.3)
    rack-protection (2.1.0)
      rack
    rack-test (1.1.0)
      rack (>= 1.0, < 3)
    require_all (3.0.0)
    ruby2_keywords (0.0.2)
    simplecov (0.19.0)
      docile (~> 1.1)
      simplecov-html (~> 0.11)
    simplecov-html (0.12.2)
    sinatra (2.1.0)
      mustermann (~> 1.0)
      rack (~> 2.2)
      rack-protection (= 2.1.0)
      tilt (~> 2.0)
    test-unit (3.3.6)
      power_assert
    tilt (2.0.10)

PLATFORMS
  ruby

DEPENDENCIES
  rack (~> 2.2)
  rack-test (~> 1.1)
  require_all
  simplecov
  sinatra (~> 2.1)
  test-unit

RUBY VERSION
   ruby 2.7.1p83

BUNDLED WITH
   2.1.4
